GEM
  remote: https://rubygems.org/
  specs:
    highline (2.0.1)
    rake (12.3.2)

PLATFORMS
  ruby

DEPENDENCIES
  highline
  rake

BUNDLED WITH
   1.16.1
